GEM
  remote: https://rubygems.org/
  specs:
    base32 (0.3.4)
    base64 (0.2.0)
    bech32 (1.5.0)
      thor (>= 1.1.0)
    bigdecimal (3.1.9)
    bip-schnorr (0.7.0)
      ecdsa_ext (~> 0.5.0)
    bitcoinrb (1.8.1)
      base32 (>= 0.3.4)
      base64 (~> 0.2.0)
      bech32 (>= 1.3.0)
      bip-schnorr (>= 0.7.0)
      daemon-spawn
      ecdsa_ext (~> 0.5.1)
      eventmachine
      eventmachine_httpserver
      iniparse
      leb128 (~> 1.0.0)
      logger
      murmurhash3 (~> 0.1.7)
      observer (~> 0.1.2)
      secp256k1rb (= 0.1.1)
      siphash
      thor
    concurrent-ruby (1.3.5)
    daemon-spawn (0.4.2)
    diff-lcs (1.6.1)
    dry-core (1.0.2)
      concurrent-ruby (~> 1.0)
      logger
      zeitwerk (~> 2.6)
    dry-inflector (1.2.0)
    dry-initializer (3.2.0)
    dry-logic (1.5.0)
      concurrent-ruby (~> 1.0)
      dry-core (~> 1.0, < 2)
      zeitwerk (~> 2.6)
    dry-monads (1.6.0)
      concurrent-ruby (~> 1.0)
      dry-core (~> 1.0, < 2)
      zeitwerk (~> 2.6)
    dry-types (1.8.2)
      bigdecimal (~> 3.0)
      concurrent-ruby (~> 1.0)
      dry-core (~> 1.0)
      dry-inflector (~> 1.0)
      dry-logic (~> 1.4)
      zeitwerk (~> 2.6)
    ecdsa (1.2.0)
    ecdsa_ext (0.5.1)
      ecdsa (~> 1.2.0)
    eventmachine (1.2.7)
    eventmachine_httpserver (0.2.1)
    faraday (1.10.4)
      faraday-em_http (~> 1.0)
      faraday-em_synchrony (~> 1.0)
      faraday-excon (~> 1.1)
      faraday-httpclient (~> 1.0)
      faraday-multipart (~> 1.0)
      faraday-net_http (~> 1.0)
      faraday-net_http_persistent (~> 1.0)
      faraday-patron (~> 1.0)
      faraday-rack (~> 1.0)
      faraday-retry (~> 1.0)
      ruby2_keywords (>= 0.0.4)
    faraday-em_http (1.0.0)
    faraday-em_synchrony (1.0.0)
    faraday-excon (1.1.0)
    faraday-httpclient (1.0.1)
    faraday-multipart (1.1.0)
      multipart-post (~> 2.0)
    faraday-net_http (1.0.2)
    faraday-net_http_persistent (1.2.0)
    faraday-patron (1.0.0)
    faraday-rack (1.0.0)
    faraday-retry (1.0.3)
    faraday_middleware (1.2.1)
      faraday (~> 1.0)
    faraday_middleware-request-retry (0.2.3)
      faraday (~> 1.10, >= 1.10.3)
      faraday_middleware (~> 1.2, >= 1.2.0)
    ffi (1.17.1)
    iniparse (1.5.0)
    leb128 (1.0.0)
    logger (1.7.0)
    multipart-post (2.4.1)
    murmurhash3 (0.1.7)
    observer (0.1.2)
    rspec (3.13.0)
      rspec-core (~> 3.13.0)
      rspec-expectations (~> 3.13.0)
      rspec-mocks (~> 3.13.0)
    rspec-core (3.13.3)
      rspec-support (~> 3.13.0)
    rspec-expectations (3.13.3)
      diff-lcs (>= 1.2.0, < 2.0)
      rspec-support (~> 3.13.0)
    rspec-mocks (3.13.2)
      diff-lcs (>= 1.2.0, < 2.0)
      rspec-support (~> 3.13.0)
    rspec-support (3.13.2)
    ruby2_keywords (0.0.5)
    secp256k1rb (0.1.1)
      ffi (>= 1.16.3)
    siphash (0.0.1)
    thor (1.3.2)
    zeitwerk (2.6.18)

PLATFORMS
  aarch64-linux
  aarch64-linux-musl
  arm-linux
  arm-linux-musl
  arm64-darwin
  ruby
  x86-linux
  x86-linux-musl
  x86_64-darwin
  x86_64-linux
  x86_64-linux-musl

DEPENDENCIES
  bitcoinrb
  dry-core (= 1.0.2)
  dry-initializer
  dry-monads
  dry-types
  faraday
  faraday_middleware
  faraday_middleware-request-retry
  rspec
  thor (~> 1.3)

RUBY VERSION
   ruby 3.1.0p0

BUNDLED WITH
   2.5.23
